GEM
  remote: https://rubygems.org/
  specs:
    celluloid (0.15.2)
      timers (~> 1.1.0)
    celluloid-io (0.15.0)
      celluloid (>= 0.15.0)
      nio4r (>= 0.5.0)
    coderay (1.1.0)
    ffi (1.9.3-java)
    http (0.6.1)
      http_parser.rb (~> 0.6.0)
    http_parser.rb (0.6.0)
    http_parser.rb (0.6.0-java)
    httpclient (2.4.0)
    method_source (0.8.2)
    mime-types (2.3)
    minitest (5.4.0)
    mustermann (0.3.1)
      tool (~> 0.2)
    nio4r (1.0.0)
    nio4r (1.0.0-java)
    pry (0.9.12.6)
      coderay (~> 1.0)
      method_source (~> 0.8)
      slop (~> 3.4)
    pry (0.9.12.6-java)
      coderay (~> 1.0)
      method_source (~> 0.8)
      slop (~> 3.4)
      spoon (~> 0.0)
    pry-nav (0.2.3)
      pry (~> 0.9.10)
    reel (0.5.0)
      celluloid (>= 0.15.1)
      celluloid-io (>= 0.15.0)
      http (>= 0.6.0.pre)
      http_parser.rb (>= 0.6.0)
      websocket_parser (>= 0.1.6)
    ruby-prof (0.15.1)
    slop (3.6.0)
    spoon (0.0.4)
      ffi
    tilt (2.0.1)
    timers (1.1.0)
    tool (0.2.2)
    websocket-driver (0.3.4)
    websocket-driver (0.3.4-java)
    websocket_parser (0.1.6)

PLATFORMS
  java
  ruby

DEPENDENCIES
  httpclient
  mime-types
  minitest
  mustermann
  pry
  pry-nav
  reel
  ruby-prof
  tilt
  websocket-driver
